GEM
  remote: https://rubygems.org/
  specs:
    async (2.0.0)
      console (~> 1.10)
      io-event (~> 1.0.0)
      timers (~> 4.1)
    console (1.14.0)
      fiber-local
    fiber-local (1.0.0)
    io-event (1.0.2)
    timers (4.3.3)

PLATFORMS
  arm64-darwin-20
  arm64-darwin-21

DEPENDENCIES
  async (~> 2.0)

BUNDLED WITH
   2.2.3
